GIT
  remote: git://github.com/HalleyAssist/rr3.git
  revision: d4c2bdbf80d47808f2289dd739d672184798a2e3
  specs:
    rr3 (0.2.2)

GEM
  remote: https://rubygems.org/
  specs:
    coderay (1.1.2)
    method_source (0.9.2)
    pry (0.12.2)
      coderay (~> 1.1.0)
      method_source (~> 0.9.0)
    rack (2.0.6)
    rack-test (1.1.0)
      rack (>= 1.0, < 3)

PLATFORMS
  ruby

DEPENDENCIES
  pry
  rack-test
  rr3!

BUNDLED WITH
   1.17.1
